GEM
  remote: http://rubygems.org/
  specs:
    abstract (1.0.0)
    cgi_multipart_eof_fix (2.5.0)
    columnize (0.3.2)
    daemons (1.1.0)
    diff-lcs (1.1.2)
    erubis (2.6.6)
      abstract (>= 1.0.0)
    extlib (0.9.15)
    fastthread (1.0.7)
    gem_plugin (0.2.3)
    haml (3.0.24)
    highline (1.6.1)
    json_pure (1.4.6)
    linecache (0.43)
    mailfactory (1.4.0)
      mime-types (>= 1.13.1)
    merb-assets (1.1.3)
      merb-core (~> 1.1.3)
    merb-auth (1.1.1)
      merb-auth-core (~> 1.1.1)
      merb-auth-more (~> 1.1.1)
      merb-auth-slice-password (~> 1.1.1)
      merb-core (~> 1.1)
    merb-auth-core (1.1.1)
      merb-core (~> 1.1)
    merb-auth-more (1.1.1)
      merb-auth-core (~> 1.1.1)
    merb-auth-slice-password (1.1.1)
      merb-auth-core (~> 1.1.1)
      merb-auth-more (~> 1.1.1)
      merb-slices (~> 1.1)
    merb-cache (1.1.3)
      merb-core (~> 1.1.3)
    merb-core (1.1.3)
      bundler
      erubis (>= 2.6.2)
      extlib (>= 0.9.13)
      mime-types (>= 1.16)
      rack
      rake
    merb-exceptions (1.1.3)
      merb-core (~> 1.1.3)
      merb-mailer (~> 1.1.3)
    merb-gen (1.1.3)
      merb-core (~> 1.1.3)
      templater (>= 1.0.0)
    merb-haml (1.1.3)
      haml (>= 2.0.3)
      merb-core (~> 1.1.3)
    merb-helpers (1.1.3)
      merb-core (~> 1.1.3)
    merb-mailer (1.1.3)
      mailfactory (>= 1.2.3)
      merb-core (~> 1.1.3)
    merb-param-protection (1.1.3)
      merb-core (~> 1.1.3)
    merb-slices (1.1.3)
      merb-core (~> 1.1.3)
    merb_sequel (1.1.1)
      merb-core (>= 1.1.0)
      sequel (>= 2.7.0)
    mime-types (1.16)
    mongrel (1.1.5)
      cgi_multipart_eof_fix (>= 2.4)
      daemons (>= 1.0.3)
      fastthread (>= 1.0.1)
      gem_plugin (>= 0.2.3)
    nokogiri (1.4.4)
    rack (1.2.1)
    rack-test (0.5.6)
      rack (>= 1.0)
    rake (0.8.7)
    rspec (1.3.1)
    ruby-debug (0.10.4)
      columnize (>= 0.1)
      ruby-debug-base (~> 0.10.4.0)
    ruby-debug-base (0.10.4)
      linecache (>= 0.3)
    sequel (3.18.0)
    sqlite3-ruby (1.2.5)
    templater (1.0.0)
      diff-lcs (>= 1.1.2)
      extlib (>= 0.9.5)
      highline (>= 1.4.0)
    webrat (0.7.2)
      nokogiri (>= 1.2.0)
      rack (>= 1.0)
      rack-test (>= 0.5.3)

PLATFORMS
  ruby

DEPENDENCIES
  json_pure (>= 1.1.7)
  merb-assets (= 1.1.3)
  merb-auth (= 1.1.1)
  merb-auth-core (= 1.1.1)
  merb-auth-more (= 1.1.1)
  merb-auth-slice-password (= 1.1.1)
  merb-cache (= 1.1.3)
  merb-core (= 1.1.3)
  merb-exceptions (= 1.1.3)
  merb-gen (= 1.1.3)
  merb-haml (= 1.1.3)
  merb-helpers (= 1.1.3)
  merb-mailer (= 1.1.3)
  merb-param-protection (= 1.1.3)
  merb-slices (= 1.1.3)
  merb_sequel
  mongrel
  rspec (< 2.0.0)
  ruby-debug
  sqlite3-ruby (= 1.2.5)
  webrat
